{
    "Modality": "MR",
    "MagneticFieldStrength": 3,
    "ImagingFrequency": 123.251,
    "Manufacturer": "Siemens",
    "ManufacturersModelName": "Prisma",
    "InstitutionName": "ASRC",
    "InstitutionalDepartmentName": "Department",
    "InstitutionAddress": "Street StreetNo,City,District,US,ZIP",
    "DeviceSerialNumber": "166037",
    "StationName": "AWP166037",
    "BodyPartExamined": "BRAIN",
    "PatientPosition": "HFS",
    "ProcedureStepDescription": "Main^Root",
    "SoftwareVersions": "syngo MR E11",
    "MRAcquisitionType": "2D",
    "SeriesDescription": "Neurosled_3mm_iso",
    "ProtocolName": "Neurosled_3mm_iso",
    "ScanningSequence": "EP",
    "SequenceVariant": "SK\\SS",
    "ScanOptions": "FS\\EXT",
    "SequenceName": "epfid2d1_78",
    "ImageType": [
        "ORIGINAL",
        "PRIMARY",
        "M",
        "MB",
        "ND",
        "NORM",
        "MOSAIC"
    ],
    "SeriesNumber": 35,
    "AcquisitionTime": "11:08:14.777500",
    "AcquisitionNumber": 1,
    "ImageComments": "Unaliased MB3/PE3/LB",
    "SliceThickness": 3,
    "SpacingBetweenSlices": 3,
    "SAR": 0.0413855,
    "EchoTime": 0.03,
    "RepetitionTime": 1,
    "FlipAngle": 52,
    "PartialFourier": 1,
    "BaseResolution": 78,
    "ShimSetting": [
        -1602,
        -10125,
        2216,
        376,
        122,
        -8,
        34,
        26
    ],
    "TxRefAmp": 276.883,
    "PhaseResolution": 1,
    "ReceiveCoilName": "Head_32",
    "ReceiveCoilActiveElements": "HEA;HEP",
    "PulseSequenceDetails": "%CustomerSeq%\\cmrr_mbep2d_bold",
    "WipMemBlock": "8386a4e6-a2c8-4b2b-88a0-580ca698a309||Sequence: R016 ve11c/master r/e634e98; Dec 19 2017 11:00:25 by eja",
    "CoilCombinationMethod": "Sum of Squares",
    "ConsistencyInfo": "N4_VE11C_LATEST_20160120",
    "MatrixCoilMode": "SENSE",
    "MultibandAccelerationFactor": 3,
    "PercentPhaseFOV": 100,
    "PercentSampling": 100,
    "EchoTrainLength": 78,
    "PhaseEncodingSteps": 78,
    "AcquisitionMatrixPE": 78,
    "ReconMatrixPE": 78,
    "BandwidthPerPixelPhaseEncode": 23.742,
    "EffectiveEchoSpacing": 0.000539993,
    "DerivedVendorReportedEchoSpacing": 0.000539993,
    "TotalReadoutTime": 0.0415795,
    "PixelBandwidth": 2290,
    "DwellTime": 0.0000028,
    "PhaseEncodingDirection": "j-",
    "SliceTiming": [
        0,
        0.5275,
        0.0775,
        0.605,
        0.1525,
        0.68,
        0.2275,
        0.755,
        0.3025,
        0.83,
        0.3775,
        0.905,
        0.4525,
        0,
        0.5275,
        0.0775,
        0.605,
        0.1525,
        0.68,
        0.2275,
        0.755,
        0.3025,
        0.83,
        0.3775,
        0.905,
        0.4525,
        0,
        0.5275,
        0.0775,
        0.605,
        0.1525,
        0.68,
        0.2275,
        0.755,
        0.3025,
        0.83,
        0.3775,
        0.905,
        0.4525
    ],
    "ImageOrientationPatientDICOM": [
        0.999966,
        0.00777737,
        0.0029038,
        -0.00663217,
        0.958782,
        -0.284065
    ],
    "ImageOrientationText": "Tra>Cor(-16.5)>Sag(0.3)",
    "InPlanePhaseEncodingDirectionDICOM": "COL",
    "ConversionSoftware": "dcm2niix",
    "ConversionSoftwareVersion": "v1.0.20211006",
    "TaskName": "BSC"
}