{
    "Modality": "MR",
    "MagneticFieldStrength": 3,
    "ImagingFrequency": 123.251,
    "Manufacturer": "Siemens",
    "ManufacturersModelName": "Prisma",
    "InstitutionName": "ASRC",
    "InstitutionalDepartmentName": "Department",
    "InstitutionAddress": "Street StreetNo,City,District,US,ZIP",
    "DeviceSerialNumber": "166037",
    "StationName": "AWP166037",
    "BodyPartExamined": "BRAIN",
    "PatientPosition": "HFS",
    "ProcedureStepDescription": "Main^Root",
    "SoftwareVersions": "syngo MR E11",
    "MRAcquisitionType": "2D",
    "SeriesDescription": "Neurosled_3mm_iso",
    "ProtocolName": "Neurosled_3mm_iso",
    "ScanningSequence": "EP",
    "SequenceVariant": "SK\\SS",
    "ScanOptions": "FS\\EXT",
    "SequenceName": "epfid2d1_78",
    "ImageType": [
        "ORIGINAL",
        "PRIMARY",
        "M",
        "MB",
        "ND",
        "NORM",
        "MOSAIC"
    ],
    "SeriesNumber": 42,
    "AcquisitionTime": "12:01:16.307500",
    "AcquisitionNumber": 1,
    "ImageComments": "Unaliased MB3/PE3/LB",
    "SliceThickness": 3,
    "SpacingBetweenSlices": 3,
    "SAR": 0.0494849,
    "EchoTime": 0.03,
    "RepetitionTime": 1,
    "FlipAngle": 52,
    "PartialFourier": 1,
    "BaseResolution": 78,
    "ShimSetting": [
        -1560,
        -10124,
        2248,
        377,
        282,
        32,
        -131,
        39
    ],
    "TxRefAmp": 282.663,
    "PhaseResolution": 1,
    "ReceiveCoilName": "Head_32",
    "ReceiveCoilActiveElements": "HEA;HEP",
    "PulseSequenceDetails": "%CustomerSeq%\\cmrr_mbep2d_bold",
    "WipMemBlock": "9686acd9-f2f0-44d2-8c9c-bbfcd3aec88a||Sequence: R016 ve11c/master r/e634e98; Dec 19 2017 11:00:25 by eja",
    "CoilCombinationMethod": "Sum of Squares",
    "ConsistencyInfo": "N4_VE11C_LATEST_20160120",
    "MatrixCoilMode": "SENSE",
    "MultibandAccelerationFactor": 3,
    "PercentPhaseFOV": 100,
    "PercentSampling": 100,
    "EchoTrainLength": 78,
    "PhaseEncodingSteps": 78,
    "AcquisitionMatrixPE": 78,
    "ReconMatrixPE": 78,
    "BandwidthPerPixelPhaseEncode": 23.742,
    "EffectiveEchoSpacing": 0.000539993,
    "DerivedVendorReportedEchoSpacing": 0.000539993,
    "TotalReadoutTime": 0.0415795,
    "PixelBandwidth": 2290,
    "DwellTime": 0.0000028,
    "PhaseEncodingDirection": "j-",
    "SliceTiming": [
        0,
        0.5275,
        0.075,
        0.6025,
        0.15,
        0.6775,
        0.225,
        0.7525,
        0.3,
        0.8275,
        0.375,
        0.9025,
        0.4525,
        0,
        0.5275,
        0.075,
        0.6025,
        0.15,
        0.6775,
        0.225,
        0.7525,
        0.3,
        0.8275,
        0.375,
        0.9025,
        0.4525,
        0,
        0.5275,
        0.075,
        0.6025,
        0.15,
        0.6775,
        0.225,
        0.7525,
        0.3,
        0.8275,
        0.375,
        0.9025,
        0.4525
    ],
    "ImageOrientationPatientDICOM": [
        0.999159,
        -0.0166607,
        0.0374569,
        0.0284326,
        0.939854,
        -0.340392
    ],
    "ImageOrientationText": "Tra>Cor(-20.0)>Sag(1.7)",
    "InPlanePhaseEncodingDirectionDICOM": "COL",
    "ConversionSoftware": "dcm2niix",
    "ConversionSoftwareVersion": "v1.0.20211006",
    "TaskName": "BSC"
}